PATH
  remote: .
  specs:
    puppet (5.5.10)
      CFPropertyList (~> 2.2)
      facter (>= 2.4.0, < 4)
      fast_gettext (~> 1.1.2)
      hiera (>= 3.2.1, < 4)
      hocon (~> 1.0)
      locale (~> 2.1)
      multi_json (~> 1.13)
      net-ssh (>= 3.0, < 5)

GEM
  remote: https://artifactory.delivery.puppetlabs.net/artifactory/api/gems/rubygems/
  specs:
    CFPropertyList (2.3.6)
    addressable (2.4.0)
    artifactory (2.8.2)
    ast (2.4.0)
    builder (3.2.3)
    coderay (1.1.2)
    crack (0.4.3)
      safe_yaml (~> 1.0.0)
    diff-lcs (1.3)
    facter (2.5.1)
    fast_gettext (1.1.2)
    gettext (3.2.9)
      locale (>= 2.0.5)
      text (>= 1.3.0)
    gettext-setup (0.30)
      fast_gettext (~> 1.1.0)
      gettext (>= 3.0.2)
      locale
    hashdiff (0.3.8)
    hiera (3.5.0)
    hiera-eyaml (2.1.0)
      highline (~> 1.6.19)
      trollop (~> 2.0)
    highline (1.6.21)
    hocon (1.2.5)
    hpricot (0.8.6)
    json-schema (2.8.1)
      addressable (>= 2.4)
    locale (2.1.2)
    memory_profiler (0.9.12)
    metaclass (0.0.4)
    method_source (0.9.2)
    mocha (0.10.5)
      metaclass (~> 0.0.1)
    msgpack (1.2.6)
    multi_json (1.13.1)
    mustache (1.1.0)
    net-ssh (4.2.0)
    packaging (0.99.21)
      artifactory (~> 2)
      rake (~> 12.3)
    parallel (1.12.1)
    parser (2.5.3.0)
      ast (~> 2.4.0)
    powerpack (0.1.2)
    pry (0.12.2)
      coderay (~> 1.1.0)
      method_source (~> 0.9.0)
    puppet-lint (2.3.6)
    puppet-syntax (2.4.1)
      rake
    puppetlabs_spec_helper (1.1.1)
      mocha
      puppet-lint
      puppet-syntax
      rake
      rspec-puppet
    racc (1.4.9)
    rack (1.6.11)
    rainbow (2.1.0)
    rake (12.3.2)
    rdiscount (2.2.0.1)
    rdoc (4.3.0)
    redcarpet (2.3.0)
    ronn (0.7.3)
      hpricot (>= 0.8.2)
      mustache (>= 0.7.0)
      rdiscount (>= 1.5.8)
    rspec (3.8.0)
      rspec-core (~> 3.8.0)
      rspec-expectations (~> 3.8.0)
      rspec-mocks (~> 3.8.0)
    rspec-collection_matchers (1.1.3)
      rspec-expectations (>= 2.99.0.beta1)
    rspec-core (3.8.0)
      rspec-support (~> 3.8.0)
    rspec-expectations (3.8.2)
      diff-lcs (>= 1.2.0, < 2.0)
      rspec-support (~> 3.8.0)
    rspec-its (1.2.0)
      rspec-core (>= 3.0.0)
      rspec-expectations (>= 3.0.0)
    rspec-legacy_formatters (1.0.1)
      rspec (~> 3.0)
    rspec-mocks (3.8.0)
      diff-lcs (>= 1.2.0, < 2.0)
      rspec-support (~> 3.8.0)
    rspec-puppet (2.7.2)
      rspec
    rspec-support (3.8.0)
    rubocop (0.49.1)
      parallel (~> 1.10)
      parser (>= 2.3.3.1, < 3.0)
      powerpack (~> 0.1)
      rainbow (>= 1.99.1, < 3.0)
      ruby-progressbar (~> 1.7)
      unicode-display_width (~> 1.0, >= 1.0.1)
    rubocop-i18n (1.2.0)
      rubocop (~> 0.49.0)
    ruby-prof (0.17.0)
    ruby-progressbar (1.10.0)
    safe_yaml (1.0.4)
    text (1.3.1)
    trollop (2.9.9)
    unicode-display_width (1.4.1)
    vcr (2.9.3)
    webmock (1.24.6)
      addressable (>= 2.3.6)
      crack (>= 0.3.2)
      hashdiff
    yard (0.9.16)
    yarjuf (2.0.0)
      builder
      rspec (~> 3)

PLATFORMS
  ruby

DEPENDENCIES
  addressable (< 2.5.0)
  gettext-setup (~> 0.28)
  hiera-eyaml
  json-schema (~> 2.0)
  memory_profiler
  mocha (~> 0.10.5)
  msgpack
  packaging (~> 0.99)
  pry
  puppet!
  puppetlabs_spec_helper
  racc (= 1.4.9)
  rack (~> 1.4)
  rainbow (< 2.2.1)
  rake (~> 12.2)
  rdoc (~> 4.1)
  redcarpet (~> 2.0)
  ronn (~> 0.7.3)
  rspec (~> 3.1)
  rspec-collection_matchers (~> 1.1)
  rspec-its (~> 1.1)
  rspec-legacy_formatters (~> 1.0)
  rubocop (~> 0.49.1)
  rubocop-i18n (~> 1.2.0)
  ruby-prof (>= 0.16.0)
  vcr (~> 2.9)
  webmock (~> 1.24)
  yard
  yarjuf (~> 2.0)

BUNDLED WITH
   1.16.5
